PATH
  remote: .
  specs:
    ruml (0.0.1.1)
      binding_of_caller (~> 1.0)

GEM
  remote: https://rubygems.org/
  specs:
    binding_of_caller (1.0.0)
      debug_inspector (>= 0.0.1)
    debug_inspector (1.1.0)
    diff-lcs (1.4.4)
    rake (12.3.2)
    rspec (3.10.0)
      rspec-core (~> 3.10.0)
      rspec-expectations (~> 3.10.0)
      rspec-mocks (~> 3.10.0)
    rspec-core (3.10.1)
      rspec-support (~> 3.10.0)
    rspec-expectations (3.10.1)
      diff-lcs (>= 1.2.0, < 2.0)
      rspec-support (~> 3.10.0)
    rspec-mocks (3.10.2)
      diff-lcs (>= 1.2.0, < 2.0)
      rspec-support (~> 3.10.0)
    rspec-support (3.10.2)

PLATFORMS
  ruby
  x86_64-darwin-19

DEPENDENCIES
  rake (~> 12.0)
  rspec (~> 3.0)
  ruml!

BUNDLED WITH
   2.2.15
